GEM
  remote: http://rubygems.org/
  specs:
    craigslist (0.1.1)
      nokogiri (~> 1.6.0)
    diff-lcs (1.2.4)
    foreman (0.61.0)
      thor (>= 0.13.6)
    json (1.7.7)
    mini_portile (0.5.3)
    nokogiri (1.6.1)
      mini_portile (~> 0.5.0)
    rspec (2.13.0)
      rspec-core (~> 2.13.0)
      rspec-expectations (~> 2.13.0)
      rspec-mocks (~> 2.13.0)
    rspec-core (2.13.1)
    rspec-expectations (2.13.0)
      diff-lcs (>= 1.1.3, < 2.0)
    rspec-mocks (2.13.1)
    thor (0.17.0)

PLATFORMS
  ruby

DEPENDENCIES
  craigslist
  foreman
  json (~> 1.7.7)
  rspec
